GEM
  remote: http://rubygems.org/
  specs:
    commander (4.0.3)
      highline (>= 1.5.0)
    crack (0.1.8)
    diff-lcs (1.1.2)
    git (1.2.5)
    highline (1.6.1)
    httparty (0.7.4)
      crack (= 0.1.8)
    jeweler (1.5.2)
      bundler (~> 1.0.0)
      git (>= 1.2.5)
      rake
    mocha (0.9.12)
    rake (0.8.7)
    rcov (0.9.9)
    rspec (2.5.0)
      rspec-core (~> 2.5.0)
      rspec-expectations (~> 2.5.0)
      rspec-mocks (~> 2.5.0)
    rspec-core (2.5.1)
    rspec-expectations (2.5.0)
      diff-lcs (~> 1.1.2)
    rspec-mocks (2.5.0)

PLATFORMS
  ruby

DEPENDENCIES
  bundler (~> 1.0.0)
  commander (= 4.0.3)
  crack (= 0.1.8)
  httparty (= 0.7.4)
  jeweler (~> 1.5.2)
  mocha (= 0.9.12)
  rcov
  rspec
